GEM
  remote: https://rubygems.org/
  specs:
    celluloid (0.15.2)
      timers (~> 1.1.0)
    timers (1.1.0)
    wisper (1.2.1)
    wisper-async (0.0.1)
      celluloid
      wisper (~> 1.0)

PLATFORMS
  ruby

DEPENDENCIES
  wisper-async
